GEM
  remote: https://rubygems.org/
  specs:
    airbrake (4.3.4)
      builder
      multi_json
    ast (2.1.0)
    astrolabe (1.3.1)
      parser (~> 2.2)
    axiom-types (0.1.1)
      descendants_tracker (~> 0.0.4)
      ice_nine (~> 0.11.0)
      thread_safe (~> 0.3, >= 0.3.1)
    builder (3.2.2)
    coercible (1.0.0)
      descendants_tracker (~> 0.0.1)
    daemons (1.2.3)
    descendants_tracker (0.0.4)
      thread_safe (~> 0.3, >= 0.3.1)
    dotenv (2.0.2)
    equalizer (0.0.11)
    eventmachine (1.0.8)
    gene_pool (1.4.1)
      thread_safe
    god (0.13.6)
    httmultiparty (0.3.16)
      httparty (>= 0.7.3)
      mimemagic
      multipart-post
    httparty (0.13.5)
      json (~> 1.8)
      multi_xml (>= 0.5.2)
    ice_nine (0.11.1)
    json (1.8.3)
    mimemagic (0.3.0)
    mina (0.3.7)
      open4 (~> 1.3.4)
      rake
    multi_json (1.11.2)
    multi_xml (0.5.5)
    multipart-post (2.0.0)
    open4 (1.3.4)
    parser (2.2.3.0)
      ast (>= 1.1, < 3.0)
    persistent_http (1.0.6)
      gene_pool (>= 1.3)
    persistent_httparty (0.1.2)
      httparty (~> 0.9)
      persistent_http (< 2)
    powerpack (0.1.1)
    rack (1.6.12)
    rack-protection (1.5.3)
      rack
    rainbow (2.0.0)
    rake (13.0.1)
    redis (3.2.1)
    rubocop (0.34.2)
      astrolabe (~> 1.3)
      parser (>= 2.2.2.5, < 3.0)
      powerpack (~> 0.1)
      rainbow (>= 1.99.1, < 3.0)
      ruby-progressbar (~> 1.4)
    ruby-progressbar (1.7.5)
    sinatra (1.4.6)
      rack (~> 1.4)
      rack-protection (~> 1.4)
      tilt (>= 1.3, < 3)
    telegram-bot-ruby (0.3.1)
      httmultiparty
      persistent_httparty
      virtus
    thin (1.6.3)
      daemons (~> 1.0, >= 1.0.9)
      eventmachine (~> 1.0)
      rack (~> 1.0)
    thread_safe (0.3.5)
    tilt (2.0.1)
    virtus (1.0.5)
      axiom-types (~> 0.1)
      coercible (~> 1.0)
      descendants_tracker (~> 0.0, >= 0.0.3)
      equalizer (~> 0.0, >= 0.0.9)

PLATFORMS
  ruby

DEPENDENCIES
  airbrake (~> 4.3)
  dotenv
  god
  mina
  multi_json
  redis
  rubocop
  sinatra
  telegram-bot-ruby
  thin

BUNDLED WITH
   1.10.6
